GEM
  remote: https://rubygems.org/
  specs:
    addressable (2.5.2)
      public_suffix (>= 2.0.2, < 4.0)
    backports (2.8.2)
    faraday (0.8.7)
      multipart-post (~> 1.1)
    gh (0.9.1)
      addressable
      backports (~> 2.3)
      faraday (~> 0.8)
      multi_json (~> 1.0)
      net-http-persistent (>= 2.7)
      net-http-pipeline
    heroku (3.99.3)
    mail (2.7.0)
      mini_mime (>= 0.1.1)
    mini_mime (1.0.0)
    multi_json (1.7.2)
    multipart-post (1.2.0)
    net-http-persistent (2.8)
    net-http-pipeline (1.0.1)
    public_suffix (3.0.2)

PLATFORMS
  ruby

DEPENDENCIES
  gh (~> 0.9.0)
  heroku (~> 3.99)
  mail (~> 2.5)

BUNDLED WITH
   1.16.1
